GEM
  remote: http://rubygems.org/
  remote: http://gems.github.com/
  specs:
    builder (3.0.0)
    json (1.6.6)
    rmagick (2.13.1)

PLATFORMS
  ruby

DEPENDENCIES
  builder
  json
  rmagick
